GEM
  remote: https://rubygems.org/
  specs:
    aws-sdk (2.6.35)
      aws-sdk-resources (= 2.6.35)
    aws-sdk-core (2.6.35)
      aws-sigv4 (~> 1.0)
      jmespath (~> 1.0)
    aws-sdk-resources (2.6.35)
      aws-sdk-core (= 2.6.35)
    aws-sigv4 (1.0.0)
    fastly (1.10.0)
    highline (1.7.8)
    jmespath (1.6.1)
    mixlib-cli (1.7.0)
    mixlib-shellout (2.2.7)

PLATFORMS
  ruby

DEPENDENCIES
  aws-sdk (= 2.6.35)
  fastly (= 1.10.0)
  highline (= 1.7.8)
  mixlib-cli
  mixlib-shellout

BUNDLED WITH
   1.14.6
